GEM
  remote: https://rubygems.org/
  specs:
    coderay (1.1.2)
    method_source (1.0.0)
    minitest (5.14.0)
    pry (0.13.0)
      coderay (~> 1.1)
      method_source (~> 1.0)
    rake (13.0.1)

PLATFORMS
  ruby

DEPENDENCIES
  minitest
  pry
  rake

RUBY VERSION
   ruby 2.2.10p489

BUNDLED WITH
   1.17.3
